GEM
  remote: https://gems.twitter.biz/
  specs:
    blankslate (2.1.2.4)
    chunky_png (1.2.8)
    classifier (1.3.3)
      fast-stemmer (>= 1.0.0)
    colorator (0.1)
    commander (4.1.5)
      highline (~> 1.6.11)
    compass (0.12.2)
      chunky_png (~> 1.2)
      fssm (>= 0.2.7)
      sass (~> 3.1)
    deep_merge (1.0.1)
    dotenv (0.7.0)
    erubis (2.7.0)
    fast-stemmer (1.0.2)
    ffi (1.9.3)
    foreman (0.67.0)
      dotenv (~> 0.7.0)
      thor (~> 0.17.0)
    fssm (0.2.9)
    gem_uploader (0.0.13)
      ods_credentials
    hayaku (3.9.5)
      deep_merge (~> 1.0)
      foreman (~> 0.60)
      gem_uploader (>= 0.0.12)
      json (~> 1.5)
      nokogiri (~> 1.5.0)
      ruby_mesos_client (>= 0.2.7)
      rubyperf (>= 1.5.0)
      spitball (= 0.7.0)
      trollop (~> 1.16)
    highline (1.6.21)
    jekyll (1.4.2)
      classifier (~> 1.3)
      colorator (~> 0.1)
      commander (~> 4.1.3)
      liquid (~> 2.5.2)
      listen (~> 1.3)
      maruku (~> 0.7.0)
      pygments.rb (~> 0.5.0)
      redcarpet (~> 2.3.0)
      safe_yaml (~> 0.9.7)
      toml (~> 0.1.0)
    json (1.8.1)
    kgio (2.9.2)
    liquid (2.5.4)
    listen (1.3.1)
      rb-fsevent (>= 0.9.3)
      rb-inotify (>= 0.9)
      rb-kqueue (>= 0.2)
    maruku (0.7.0)
    nokogiri (1.5.11)
    ods_credentials (0.0.18)
      highline (>= 1.6.2)
    parslet (1.5.0)
      blankslate (~> 2.0)
    posix-spawn (0.3.8)
    pygments.rb (0.5.4)
      posix-spawn (~> 0.3.6)
      yajl-ruby (~> 1.1.0)
    rack (1.5.2)
    rack-protection (1.5.2)
      rack
    raindrops (0.13.0)
    rb-fsevent (0.9.4)
    rb-inotify (0.9.3)
      ffi (>= 0.5.0)
    rb-kqueue (0.2.0)
      ffi (>= 0.5.0)
    redcarpet (2.3.0)
    ruby_mesos_client (0.2.7)
      erubis (~> 2.7.0)
    rubyperf (1.5.0)
    rufus-scheduler (3.0.6)
      tzinfo
    safe_yaml (0.9.7)
    sass (3.3.2)
    sinatra (1.3.2)
      rack (~> 1.3, >= 1.3.6)
      rack-protection (~> 1.2)
      tilt (~> 1.3, >= 1.3.3)
    spitball (0.7.0)
    thor (0.17.0)
    thread_safe (0.3.3)
    tilt (1.4.1)
    toml (0.1.0)
      parslet (~> 1.5.0)
    trollop (1.16.2)
    tzinfo (1.1.0)
      thread_safe (~> 0.1)
    unicorn (4.8.2)
      kgio (~> 2.6)
      rack
      raindrops (~> 0.7)
    yajl-ruby (1.1.0.1)

PLATFORMS
  ruby

DEPENDENCIES
  compass
  foreman
  hayaku (~> 3.0)
  jekyll (~> 1.4.2)
  ods_credentials
  rufus-scheduler
  sinatra (= 1.3.2)
  unicorn
